PATH
  remote: .
  specs:
    soft_deletion (0.1.10)

GEM
  remote: http://rubygems.org/
  specs:
    activemodel (3.2.7)
      activesupport (= 3.2.7)
      builder (~> 3.0.0)
    activerecord (3.2.7)
      activemodel (= 3.2.7)
      activesupport (= 3.2.7)
      arel (~> 3.0.2)
      tzinfo (~> 0.3.29)
    activesupport (3.2.7)
      i18n (~> 0.6)
      multi_json (~> 1.0)
    appraisal (0.4.1)
      bundler
      rake
    arel (3.0.2)
    builder (3.0.0)
    database_cleaner (0.8.0)
    diff-lcs (1.1.3)
    i18n (0.6.0)
    multi_json (1.3.6)
    rake (0.9.2.2)
    rspec (2.11.0)
      rspec-core (~> 2.11.0)
      rspec-expectations (~> 2.11.0)
      rspec-mocks (~> 2.11.0)
    rspec-core (2.11.1)
    rspec-expectations (2.11.3)
      diff-lcs (~> 1.1.3)
    rspec-mocks (2.11.3)
    sqlite3 (1.3.6)
    tzinfo (0.3.33)

PLATFORMS
  ruby

DEPENDENCIES
  activerecord
  activesupport
  appraisal
  database_cleaner
  rake
  rspec
  soft_deletion!
  sqlite3
